GIT
  remote: https://github.com/seancribbs/webmachine-ruby.git
  revision: b543db2648ada02cda681e2f0e52eca5a385e13b
  specs:
    webmachine (0.4.1)
      i18n (>= 0.4.0)

GEM
  remote: https://rubygems.org/
  specs:
    haml (3.1.4)
    i18n (0.6.0)
    metadown (1.0.1)
      redcarpet
    rack (1.4.1)
    rdiscount (2.0.7.2)
    redcarpet (2.1.0)

PLATFORMS
  ruby

DEPENDENCIES
  haml
  metadown
  rack
  rdiscount
  webmachine!
